{
  "Modality": "MR",
  "MagneticFieldStrength": 3,
  "ImagingFrequency": 123.251,
  "Manufacturer": "Siemens",
  "ManufacturersModelName": "Prisma",
  "InstitutionName": "Rigshospitalet",
  "InstitutionalDepartmentName": "Department of Neurology",
  "InstitutionAddress": "Blegdamsvej 9,Copenhagen,District,DK,2100",
  "DeviceSerialNumber": "166141",
  "StationName": "RHRTGSIEMR01",
  "BodyPartExamined": "BRAIN",
  "PatientPosition": "HFS",
  "ProcedureStepDescription": "MR projekt - neuro",
  "SoftwareVersions": "syngo MR E11",
  "MRAcquisitionType": "2D",
  "SeriesDescription": "gre_field_mapping",
  "ProtocolName": "gre_field_mapping",
  "ScanningSequence": "GR",
  "SequenceVariant": "SP",
  "SequenceName": "*fm2d2r",
  "ImageType": [
    "ORIGINAL",
    "PRIMARY",
    "M",
    "ND",
    "NORM"
  ],
  "SeriesNumber": 13,
  "AcquisitionTime": "09:22:35.452500",
  "AcquisitionNumber": 1,
  "SliceThickness": 3,
  "SpacingBetweenSlices": 3.6,
  "SAR": 0.08852649999999999,
  "EchoNumber": 2,
  "EchoTime": 0.00738,
  "RepetitionTime": 0.4,
  "FlipAngle": 60,
  "PartialFourier": 1,
  "BaseResolution": 76,
  "ShimSetting": [62,-11422,7976,437,-29,369,-92,-16],
  "TxRefAmp": 252.164,
  "PhaseResolution": 1,
  "ReceiveCoilName": "Head_32",
  "ReceiveCoilActiveElements": "HEA;HEP",
  "PulseSequenceDetails": "%SiemensSeq%\\gre_field_mapping",
  "ConsistencyInfo": "N4_VE11E_LATEST_20181129",
  "PercentPhaseFOV": 100,
  "PercentSampling": 100,
  "PhaseEncodingSteps": 76,
  "AcquisitionMatrixPE": 76,
  "ReconMatrixPE": 76,
  "PixelBandwidth": 290,
  "DwellTime": 2.27e-05,
  "PhaseEncodingDirection": "i",
  "SliceTiming": [0,0.20312,0.00781,0.21875,0.02344,0.22656,0.03125,0.24219,0.04688,0.25,0.05469,0.26562,0.07031,0.27344,0.07811999999999999,0.28125,0.08594,0.29688,0.10156,0.30469,0.11719,0.32031,0.125,0.32812,0.14062,0.34375,0.14844,0.35156,0.15625,0.36719,0.17188,0.375,0.17969,0.39062,0.19531],
  "ImageOrientationPatientDICOM": [0.999294,0.0318495,-0.0199537,-0.0362931,0.955685,-0.292144],
  "InPlanePhaseEncodingDirectionDICOM": "ROW",
  "ConversionSoftware": "dcm2niix",
  "ConversionSoftwareVersion": "v1.0.20210317",
  "generatedfrom": "GRE_FIELD_MAPPING_0013"
}
