{
  "Modality": "MR",
  "MagneticFieldStrength": 3,
  "ImagingFrequency": 123.251,
  "Manufacturer": "Siemens",
  "ManufacturersModelName": "Prisma",
  "InstitutionName": "Hospital",
  "InstitutionalDepartmentName": "Department",
  "InstitutionAddress": "Blegdamsvej 9,Copenhagen,District,DK,2100",
  "DeviceSerialNumber": "166141",
  "StationName": "AWP166141",
  "BodyPartExamined": "BRAIN",
  "PatientPosition": "HFS",
  "ProcedureStepDescription": "NP2^Head",
  "SoftwareVersions": "syngo MR E11",
  "MRAcquisitionType": "2D",
  "SeriesDescription": "SpinEchoFieldMap_PA",
  "ProtocolName": "SpinEchoFieldMap_PA",
  "ScanningSequence": "EP",
  "SequenceVariant": "SK",
  "ScanOptions": "FS",
  "SequenceName": "epse2d1_104",
  "ImageType": [
    "ORIGINAL",
    "PRIMARY",
    "M",
    "ND",
    "MOSAIC"
  ],
  "NonlinearGradientCorrection": false,
  "SeriesNumber": 11,
  "AcquisitionTime": "10:43:19.027500",
  "AcquisitionNumber": 1,
  "SliceThickness": 2,
  "SpacingBetweenSlices": 2,
  "SAR": 0.148123,
  "EchoTime": 0.066,
  "RepetitionTime": 8,
  "FlipAngle": 90,
  "PartialFourier": 1,
  "BaseResolution": 104,
  "ShimSetting": [55,-11471,8076,384,34,175,-6,-9],
  "TxRefAmp": 240.18,
  "PhaseResolution": 1,
  "VendorReportedEchoSpacing": 0.00058,
  "ReceiveCoilName": "Head_32",
  "ReceiveCoilActiveElements": "HEA;HEP",
  "PulseSequenceDetails": "%CustomerSeq%\\cmrr_mbep2d_se",
  "WipMemBlock": "fe0f5b8e-254a-414d-86d4-0d6fc04393c4||Sequence: R016 ve11e/master r/434b28f1; Aug  7 2019 19:20:16 by eja",
  "CoilCombinationMethod": "Sum of Squares",
  "ConsistencyInfo": "N4_VE11E_LATEST_20181129",
  "MatrixCoilMode": "SENSE",
  "PercentPhaseFOV": 100,
  "PercentSampling": 100,
  "EchoTrainLength": 104,
  "PhaseEncodingSteps": 104,
  "AcquisitionMatrixPE": 104,
  "ReconMatrixPE": 104,
  "BandwidthPerPixelPhaseEncode": 16.578,
  "EffectiveEchoSpacing": 0.000580009,
  "DerivedVendorReportedEchoSpacing": 0.000580009,
  "TotalReadoutTime": 0.0597409,
  "PixelBandwidth": 2290,
  "DwellTime": 2.1e-06,
  "PhaseEncodingDirection": "j",
  "SliceTiming": [3.99,0,4.1025,0.1125,4.2125,0.2225,4.3225,0.3325,4.435,0.445,4.545,0.555,4.655,0.665,4.7675,0.7775,4.8775,0.8875,4.9875,0.9975000000000001,5.1,1.11,5.21,1.22,5.32,1.33,5.4325,1.4425,5.5425,1.5525,5.6525,1.6625,5.765,1.775,5.875,1.885,5.985,1.995,6.0975,2.1075,6.2075,2.2175,6.3175,2.3275,6.43,2.44,6.54,2.55,6.65,2.66,6.7625,2.7725,6.8725,2.8825,6.9825,2.9925,7.095,3.105,7.205,3.215,7.315,3.325,7.4275,3.4375,7.5375,3.5475,7.6475,3.6575,7.76,3.77,7.87,3.88],
  "ImageOrientationPatientDICOM": [0.999947,0.0102972,-4.68781e-05,-0.0102973,0.999937,-0.00455223],
  "ImageOrientationText": "Tra>Cor(-0.3)",
  "InPlanePhaseEncodingDirectionDICOM": "COL",
  "ConversionSoftware": "dcm2niix",
  "ConversionSoftwareVersion": "v1.0.20220720",
  "generatedfrom": "SPINECHOFIELDMAP_PA_0011"
}