{
  "Modality": "MR",
  "MagneticFieldStrength": 3,
  "ImagingFrequency": 123.251,
  "Manufacturer": "Siemens",
  "ManufacturersModelName": "Prisma",
  "InstitutionName": "Rigshospitalet",
  "InstitutionalDepartmentName": "Department of Neurology",
  "InstitutionAddress": "Blegdamsvej 9,Copenhagen,District,DK,2100",
  "DeviceSerialNumber": "166141",
  "StationName": "RHRTGSIEMR01",
  "BodyPartExamined": "BRAIN",
  "PatientPosition": "HFS",
  "ProcedureStepDescription": "MR projekt - neuro",
  "SoftwareVersions": "syngo MR E11",
  "MRAcquisitionType": "2D",
  "SeriesDescription": "gre_field_mapping",
  "ProtocolName": "gre_field_mapping",
  "ScanningSequence": "GR",
  "SequenceVariant": "SP",
  "SequenceName": "*fm2d2r",
  "ImageType": [
    "ORIGINAL",
    "PRIMARY",
    "P",
    "ND",
    "PHASE"
  ],
  "SeriesNumber": 14,
  "AcquisitionTime": "17:41:58.702500",
  "AcquisitionNumber": 1,
  "SliceThickness": 3,
  "SpacingBetweenSlices": 3,
  "SAR": 0.114706,
  "EchoNumber": 2,
  "EchoTime": 0.00738,
  "RepetitionTime": 0.764,
  "FlipAngle": 60,
  "EchoTime1": 0.00492,
  "EchoTime2": 0.00738,
  "PartialFourier": 1,
  "BaseResolution": 76,
  "ShimSetting": [70,-11474,8083,358,-23,305,0,1],
  "TxRefAmp": 257.989,
  "PhaseResolution": 1,
  "ReceiveCoilName": "Head_32",
  "ReceiveCoilActiveElements": "HEA;HEP",
  "PulseSequenceDetails": "%SiemensSeq%\\gre_field_mapping",
  "ConsistencyInfo": "N4_VE11E_LATEST_20181129",
  "PercentPhaseFOV": 100,
  "PercentSampling": 100,
  "PhaseEncodingSteps": 76,
  "AcquisitionMatrixPE": 76,
  "ReconMatrixPE": 76,
  "PixelBandwidth": 290,
  "DwellTime": 2.27e-05,
  "PhaseEncodingDirection": "i",
  "SliceTiming": [0.39062,0,0.39062,0.01562,0.40625,0.03125,0.42188,0.03125,0.42188,0.04688,0.4375,0.0625,0.45312,0.0625,0.45312,0.07811999999999999,0.46875,0.09375,0.48438,0.09375,0.48438,0.10938,0.5,0.125,0.51562,0.125,0.53125,0.14062,0.53125,0.15625,0.54688,0.15625,0.5625,0.17188,0.5625,0.1875,0.57812,0.1875,0.59375,0.20312,0.59375,0.21875,0.60938,0.23438,0.625,0.23438,0.625,0.25,0.64062,0.26562,0.65625,0.26562,0.65625,0.28125,0.67188,0.29688,0.6875,0.29688,0.6875,0.3125,0.70312,0.32812,0.71875,0.32812,0.71875,0.34375,0.73438,0.35938,0.75,0.35938,0.75,0.375],
  "ImageOrientationPatientDICOM": [0.999042,0.0406194,0.0162991,-0.0408243,0.999089,0.0124404],
  "InPlanePhaseEncodingDirectionDICOM": "ROW",
  "ConversionSoftware": "dcm2niix",
  "ConversionSoftwareVersion": "v1.0.20210317",
  "generatedfrom": "GRE_FIELD_MAPPING_0014"
}